GEM
  remote: http://rubygems.org/
  specs:
    rack (1.3.0)
    rack-offline (0.6.1)
    sinatra (1.2.6)
      rack (~> 1.1)
      tilt (>= 1.2.2, < 2.0)
    tilt (1.3.2)

PLATFORMS
  ruby

DEPENDENCIES
  rack-offline
  sinatra
